PATH
  remote: .
  specs:
    ExtrComment (1.0.1.20130414122332)

GEM
  remote: https://rubygems.org/
  specs:
    diff-lcs (1.2.3)
    hoe (3.5.3)
      rake (>= 0.8, < 11.0)
    hoe-bundler (1.2.0)
      hoe (>= 2.2.0)
    hoe-gemspec (1.0.0)
      hoe (>= 2.2.0)
    hoe-git (1.5.0)
      hoe (>= 2.2.0)
    hoe-version (1.2.0)
    json (1.7.7)
    rake (10.0.4)
    rdoc (4.0.1)
      json (~> 1.4)
    rspec (2.13.0)
      rspec-core (~> 2.13.0)
      rspec-expectations (~> 2.13.0)
      rspec-mocks (~> 2.13.0)
    rspec-core (2.13.1)
    rspec-expectations (2.13.0)
      diff-lcs (>= 1.1.3, < 2.0)
    rspec-mocks (2.13.1)

PLATFORMS
  ruby

DEPENDENCIES
  ExtrComment!
  hoe
  hoe-bundler
  hoe-gemspec
  hoe-git
  hoe-version
  rake (>= 10.0.0)
  rdoc (~> 4.0)
  rspec (>= 2.13)
